PATH
  remote: .
  specs:
    delsolr (0.0.6)

GEM
  remote: http://rubygems.org/
  specs:
    mocha (0.9.10)
      rake
    rake (0.8.7)

PLATFORMS
  ruby

DEPENDENCIES
  delsolr!
  mocha (>= 0.9.0)
